GEM
  remote: https://rubygems.org/
  specs:
    foreman (0.88.1)

PLATFORMS
  ruby
  x86_64-linux

DEPENDENCIES
  foreman (~> 0.88.1)

BUNDLED WITH
   2.5.11
